GEM
  remote: https://rubygems.org/
  specs:
    filewatcher (0.3.3)
      trollop (~> 2.0)
    trollop (2.0)

PLATFORMS
  ruby

DEPENDENCIES
  filewatcher
